GEM
  remote: http://rubygems.org/
  specs:
    csv (3.1.9)
    fxruby (1.6.43-x64-mingw32)
      mini_portile2 (~> 2.1)
    mini_portile2 (2.5.0)

PLATFORMS
  x64-mingw32

DEPENDENCIES
  csv
  fxruby

BUNDLED WITH
   2.1.4
